GEM
  remote: https://rubygems.org/
  specs:
    activesupport (5.2.3)
      concurrent-ruby (~> 1.0, >= 1.0.2)
      i18n (>= 0.7, < 2)
      minitest (~> 5.1)
      tzinfo (~> 1.1)
    coderay (1.1.2)
    concurrent-ruby (1.1.5)
    dotenv (2.7.2)
    faraday (0.15.4)
      multipart-post (>= 1.2, < 3)
    hashie (3.6.0)
    i18n (1.6.0)
      concurrent-ruby (~> 1.0)
    inflection (1.0.0)
    jira-ruby (1.6.0)
      activesupport
      multipart-post
      oauth (~> 0.5, >= 0.5.0)
    method_source (0.9.2)
    mime-types (3.2.2)
      mime-types-data (~> 3.2015)
    mime-types-data (3.2019.0331)
    minitest (5.11.3)
    multipart-post (2.0.0)
    mustermann (1.0.3)
    oauth (0.5.4)
    pry (0.12.2)
      coderay (~> 1.1.0)
      method_source (~> 0.9.0)
    rack (2.0.7)
    rack-protection (2.0.5)
      rack
    sinatra (2.0.5)
      mustermann (~> 1.0)
      rack (~> 2.0)
      rack-protection (= 2.0.5)
      tilt (~> 2.0)
    thread_safe (0.3.6)
    tilt (2.0.9)
    tzinfo (1.2.5)
      thread_safe (~> 0.1)
    zendesk_api (1.17.0)
      faraday (~> 0.9)
      hashie (>= 3.5.2, < 4.0.0)
      inflection
      mime-types
      multipart-post (~> 2.0)

PLATFORMS
  ruby

DEPENDENCIES
  dotenv (~> 2.7)
  jira-ruby (~> 1.6)
  pry (~> 0.12.2)
  sinatra
  zendesk_api (~> 1.17)

BUNDLED WITH
   1.17.3
